GEM
  remote: https://rubygems.org/
  specs:
    awesome_print (1.8.0)
    concurrent-ruby (1.1.7)
    faker (1.7.2)
      i18n (~> 0.5)
    i18n (0.9.5)
      concurrent-ruby (~> 1.0)

PLATFORMS
  x86_64-linux

DEPENDENCIES
  awesome_print
  faker (= 1.7.2)

BUNDLED WITH
   2.2.3
